GEM
  remote: http://rubygems.org/
  specs:
    cinch (1.1.3)
    hpricot (0.8.4)

PLATFORMS
  ruby

DEPENDENCIES
  cinch (= 1.1.3)
  hpricot (= 0.8.4)
